GEM
  remote: http://rubygems.org/
  specs:
    BlueCloth (1.0.1)
    actionmailer (2.3.8)
      actionpack (= 2.3.8)
    actionpack (2.3.8)
      activesupport (= 2.3.8)
      rack (~> 1.1.0)
    activerecord (2.3.8)
      activesupport (= 2.3.8)
    activeresource (2.3.8)
      activesupport (= 2.3.8)
    activesupport (2.3.8)
    mysql2 (0.3.11)
    rack (1.1.2)
    rails (2.3.8)
      actionmailer (= 2.3.8)
      actionpack (= 2.3.8)
      activerecord (= 2.3.8)
      activeresource (= 2.3.8)
      activesupport (= 2.3.8)
      rake (>= 0.8.3)
    rake (0.9.2.2)
    will_paginate (2.2.2)

PLATFORMS
  ruby

DEPENDENCIES
  BlueCloth (= 1.0.1)
  mysql2 (~> 0.3.2)
  rails (= 2.3.8)
  will_paginate (= 2.2.2)
